PATH
  remote: .
  specs:
    html-pipeline-task_list (0.0.1)
      html-pipeline (~> 2.12)

GEM
  remote: https://rubygems.org/
  specs:
    activesupport (6.0.2.2)
      concurrent-ruby (~> 1.0, >= 1.0.2)
      i18n (>= 0.7, < 2)
      minitest (~> 5.1)
      tzinfo (~> 1.1)
      zeitwerk (~> 2.2)
    ast (2.4.0)
    coffee-script (2.4.1)
      coffee-script-source
      execjs
    coffee-script-source (1.12.2)
    commonmarker (0.21.0)
      ruby-enum (~> 0.5)
    concurrent-ruby (1.1.6)
    execjs (2.7.0)
    github-markdown (0.6.9)
    html-pipeline (2.12.3)
      activesupport (>= 2)
      nokogiri (>= 1.4)
    i18n (1.8.2)
      concurrent-ruby (~> 1.0)
    jaro_winkler (1.5.4)
    json (2.3.0)
    mini_portile2 (2.4.0)
    minitest (5.14.0)
    nokogiri (1.10.9)
      mini_portile2 (~> 2.4.0)
    parallel (1.19.1)
    parser (2.7.0.5)
      ast (~> 2.4.0)
    rack (2.2.2)
    rainbow (3.0.0)
    rake (13.0.1)
    rexml (3.2.4)
    rubocop (0.80.1)
      jaro_winkler (~> 1.5.1)
      parallel (~> 1.10)
      parser (>= 2.7.0.1)
      rainbow (>= 2.2.2, < 4.0)
      rexml
      ruby-progressbar (~> 1.7)
      unicode-display_width (>= 1.4.0, < 1.7)
    ruby-enum (0.7.2)
      i18n
    ruby-progressbar (1.10.1)
    sprockets (4.0.0)
      concurrent-ruby (~> 1.0)
      rack (> 1, < 3)
    thread_safe (0.3.6)
    tzinfo (1.2.6)
      thread_safe (~> 0.1)
    unicode-display_width (1.6.1)
    zeitwerk (2.3.0)

PLATFORMS
  ruby

DEPENDENCIES
  coffee-script (~> 2.4)
  commonmarker (~> 0.21.0)
  github-markdown (~> 0.6.9)
  html-pipeline-task_list!
  json (~> 2.3)
  minitest (~> 5.14)
  rack (~> 2.2)
  rake (~> 13.0)
  rubocop (~> 0.80.1)
  sprockets (~> 4.0)

BUNDLED WITH
   2.1.4
